GIT
  remote: git@github.com:noahgibbs/tmx.git
  revision: e74410fe5efb47cff312fc1ca23144b0037db6b8
  branch: add-exporters
  specs:
    tmx (0.1.5)
      multi_json (~> 1.0)
      nokogiri (~> 1.5)

PATH
  remote: ../../../../demiurge
  specs:
    demiurge (0.4.0)
      multi_json (~> 1.12)
      tmx (~> 0.1.5)

PATH
  remote: ../../..
  specs:
    pixiurge (0.1.0)
      demiurge (~> 0.4)
      erubis (~> 2.7)
      faye-websocket (~> 0.10)
      multi_json (~> 1.12)
      rack-coffee (~> 1.0)
      therubyracer (~> 0.12)
      thin (~> 1.7)
      thor (~> 0.20)
      tilt (~> 2.0)
      tmx (~> 0.1.5)
      trollop (~> 2.1)

GEM
  remote: https://rubygems.org/
  specs:
    coffee-script (2.4.1)
      coffee-script-source
      execjs
    coffee-script-source (1.12.2)
    daemons (1.2.6)
    erubis (2.7.0)
    eventmachine (1.2.5)
    execjs (2.7.0)
    faye-websocket (0.10.7)
      eventmachine (>= 0.12.0)
      websocket-driver (>= 0.5.1)
    libv8 (3.16.14.19)
    mini_portile2 (2.3.0)
    multi_json (1.13.1)
    nokogiri (1.8.2)
      mini_portile2 (~> 2.3.0)
    rack (2.0.4)
    rack-coffee (1.0.3)
      coffee-script
      rack
    ref (2.0.0)
    therubyracer (0.12.3)
      libv8 (~> 3.16.14.15)
      ref
    thin (1.7.2)
      daemons (~> 1.0, >= 1.0.9)
      eventmachine (~> 1.0, >= 1.0.4)
      rack (>= 1, < 3)
    thor (0.20.0)
    tilt (2.0.8)
    trollop (2.1.2)
    websocket-driver (0.7.0)
      websocket-extensions (>= 0.1.0)
    websocket-extensions (0.1.3)

PLATFORMS
  ruby

DEPENDENCIES
  demiurge (~> 0.4)!
  pixiurge (~> 0.1.0)!
  tmx!

BUNDLED WITH
   1.14.6
